PATH
  remote: .
  specs:
    on_container (0.0.11)
      activesupport (>= 4)

GEM
  remote: https://rubygems.org/
  specs:
    activesupport (6.1.3)
      concurrent-ruby (~> 1.0, >= 1.0.2)
      i18n (>= 1.6, < 2)
      minitest (>= 5.1)
      tzinfo (~> 2.0)
      zeitwerk (~> 2.3)
    addressable (2.7.0)
      public_suffix (>= 2.0.2, < 5.0)
    ast (2.4.2)
    backport (1.1.2)
    benchmark (0.1.1)
    byebug (11.1.1)
    climate_control (0.2.0)
    coderay (1.1.2)
    concurrent-ruby (1.1.8)
    debase (0.2.4.1)
      debase-ruby_core_source (>= 0.10.2)
    debase-ruby_core_source (0.10.12)
    diff-lcs (1.3)
    e2mmap (0.1.0)
    faraday (1.3.0)
      faraday-net_http (~> 1.0)
      multipart-post (>= 1.2, < 3)
      ruby2_keywords
    faraday-net_http (1.0.1)
    gapic-common (0.3.4)
      google-protobuf (~> 3.12, >= 3.12.2)
      googleapis-common-protos (>= 1.3.9, < 2.0)
      googleapis-common-protos-types (>= 1.0.4, < 2.0)
      googleauth (~> 0.9)
      grpc (~> 1.25)
    google-cloud-core (1.5.0)
      google-cloud-env (~> 1.0)
      google-cloud-errors (~> 1.0)
    google-cloud-env (1.4.0)
      faraday (>= 0.17.3, < 2.0)
    google-cloud-errors (1.0.1)
    google-cloud-secret_manager (1.0.0)
      google-cloud-core (~> 1.5)
      google-cloud-secret_manager-v1 (~> 0.1)
      google-cloud-secret_manager-v1beta1 (~> 0.3)
    google-cloud-secret_manager-v1 (0.5.0)
      gapic-common (~> 0.3)
      google-cloud-errors (~> 1.0)
      grpc-google-iam-v1 (>= 0.6.10, < 2.0)
    google-cloud-secret_manager-v1beta1 (0.6.5)
      gapic-common (~> 0.3)
      google-cloud-errors (~> 1.0)
      grpc-google-iam-v1 (>= 0.6.10, < 2.0)
    google-protobuf (3.14.0)
    googleapis-common-protos (1.3.10)
      google-protobuf (~> 3.11)
      googleapis-common-protos-types (>= 1.0.5, < 2.0)
      grpc (~> 1.27)
    googleapis-common-protos-types (1.0.5)
      google-protobuf (~> 3.11)
    googleauth (0.14.0)
      faraday (>= 0.17.3, < 2.0)
      jwt (>= 1.4, < 3.0)
      memoist (~> 0.16)
      multi_json (~> 1.11)
      os (>= 0.9, < 2.0)
      signet (~> 0.14)
    grpc (1.34.0)
      google-protobuf (~> 3.13)
      googleapis-common-protos-types (~> 1.0)
    grpc-google-iam-v1 (0.6.10)
      google-protobuf (~> 3.11)
      googleapis-common-protos (>= 1.3.10, < 2.0)
      grpc (~> 1.27)
    i18n (1.8.9)
      concurrent-ruby (~> 1.0)
    jaro_winkler (1.5.4)
    jwt (2.2.2)
    kramdown (2.3.0)
      rexml
    kramdown-parser-gfm (1.1.0)
      kramdown (~> 2.0)
    kwalify (0.7.2)
    memoist (0.16.2)
    method_source (0.9.2)
    mini_portile2 (2.5.0)
    minitest (5.14.3)
    multi_json (1.15.0)
    multipart-post (2.1.1)
    nokogiri (1.11.1)
      mini_portile2 (~> 2.5.0)
      racc (~> 1.4)
    os (1.1.1)
    parallel (1.20.1)
    parser (3.0.0.0)
      ast (~> 2.4.1)
    pry (0.12.2)
      coderay (~> 1.1.0)
      method_source (~> 0.9.0)
    pry-byebug (3.8.0)
      byebug (~> 11.0)
      pry (~> 0.10)
    psych (3.3.0)
    public_suffix (4.0.6)
    racc (1.5.2)
    rainbow (3.0.0)
    rake (12.3.3)
    reek (6.0.3)
      kwalify (~> 0.7.0)
      parser (~> 3.0.0)
      psych (~> 3.1)
      rainbow (>= 2.0, < 4.0)
    regexp_parser (2.1.0)
    reverse_markdown (2.0.0)
      nokogiri
    rexml (3.2.4)
    rspec (3.9.0)
      rspec-core (~> 3.9.0)
      rspec-expectations (~> 3.9.0)
      rspec-mocks (~> 3.9.0)
    rspec-core (3.9.1)
      rspec-support (~> 3.9.1)
    rspec-expectations (3.9.0)
      diff-lcs (>= 1.2.0, < 2.0)
      rspec-support (~> 3.9.0)
    rspec-mocks (3.9.1)
      diff-lcs (>= 1.2.0, < 2.0)
      rspec-support (~> 3.9.0)
    rspec-support (3.9.2)
    rubocop (1.10.0)
      parallel (~> 1.10)
      parser (>= 3.0.0.0)
      rainbow (>= 2.2.2, < 4.0)
      regexp_parser (>= 1.8, < 3.0)
      rexml
      rubocop-ast (>= 1.2.0, < 2.0)
      ruby-progressbar (~> 1.7)
      unicode-display_width (>= 1.4.0, < 3.0)
    rubocop-ast (1.4.1)
      parser (>= 2.7.1.5)
    ruby-debug-ide (0.7.2)
      rake (>= 0.8.1)
    ruby-progressbar (1.11.0)
    ruby2_keywords (0.0.2)
    signet (0.14.0)
      addressable (~> 2.3)
      faraday (>= 0.17.3, < 2.0)
      jwt (>= 1.5, < 3.0)
      multi_json (~> 1.10)
    solargraph (0.40.3)
      backport (~> 1.1)
      benchmark
      bundler (>= 1.17.2)
      e2mmap
      jaro_winkler (~> 1.5)
      kramdown (~> 2.3)
      kramdown-parser-gfm (~> 1.1)
      parser (~> 3.0)
      reverse_markdown (>= 1.0.5, < 3)
      rubocop (>= 0.52)
      thor (~> 1.0)
      tilt (~> 2.0)
      yard (~> 0.9, >= 0.9.24)
    thor (1.1.0)
    tilt (2.0.10)
    tzinfo (2.0.4)
      concurrent-ruby (~> 1.0)
    unicode-display_width (2.0.0)
    yard (0.9.26)
    zeitwerk (2.4.2)

PLATFORMS
  ruby

DEPENDENCIES
  bundler (~> 2.1)
  byebug
  climate_control (~> 0.2.0)
  debase (~> 0.2.4.1)
  google-cloud-secret_manager
  on_container!
  pry-byebug
  rake (~> 12.0)
  reek (~> 6.0, >= 6.0.2)
  rspec (~> 3.0)
  rubocop (~> 1.7)
  ruby-debug-ide (~> 0.7.2)
  solargraph (~> 0.40.3)

BUNDLED WITH
   2.1.4
